GEM
  remote: https://rubygems.org/
  specs:
    faraday (0.8.9)
      multipart-post (~> 1.2.0)
    faraday_middleware (0.9.0)
      faraday (>= 0.7.4, < 0.9)
    json (1.8.1)
    multipart-post (1.2.0)

PLATFORMS
  ruby

DEPENDENCIES
  faraday (= 0.8.9)
  faraday_middleware (~> 0.9.0)
  json
